NUGET
  remote: https://www.nuget.org/api/v2
    AWSSDK.Core (3.1.1.1)
      Microsoft.Net.Http (>= 2.2.29) - framework: portable-net45+win+wpa81+wp80+monoandroid10+xamarinios10+monotouch10
      PCLCrypto (>= 1.0.2.15130) - framework: portable-net45+win+wpa81+wp80+monoandroid10+xamarinios10+monotouch10
      PCLStorage (>= 1.0.2) - framework: portable-net45+win+wpa81+wp80+monoandroid10+xamarinios10+monotouch10
    AWSSDK.S3 (3.1.2.1)
      AWSSDK.Core (>= 3.1.1 < 3.2)
    FAKE (4.4.1)
    FSharp.Compiler.Service (1.4.0.5)
    FSharp.Formatting (2.8)
      FSharp.Compiler.Service (>= 0.0.86)
      FSharpVSPowerTools.Core (>= 1.7)
    FSharpVSPowerTools.Core (1.7)
      FSharp.Compiler.Service (>= 0.0.81)
    Microsoft.Bcl (1.1.10) - framework: net10, net11, net20, net30, net35, net40, net40-full, portable-net45+win+wpa81+wp80+monoandroid10+xamarinios10+monotouch10
      Microsoft.Bcl.Build (>= 1.0.14)
    Microsoft.Bcl.Async (1.0.168) - framework: portable-net45+win+wpa81+wp80+monoandroid10+xamarinios10+monotouch10
      Microsoft.Bcl (>= 1.1.8)
    Microsoft.Bcl.Build (1.0.21) - import_targets: false, framework: net10, net11, net20, net30, net35, net40, net40-full, portable-net45+win+wpa81+wp80+monoandroid10+xamarinios10+monotouch10
    Microsoft.Net.Http (2.2.29) - framework: net10, net11, net20, net30, net35, net40, net40-full, portable-net45+win+wpa81+wp80+monoandroid10+xamarinios10+monotouch10
      Microsoft.Bcl (>= 1.1.10)
      Microsoft.Bcl.Build (>= 1.0.14)
    Mono.Security (3.2.3) - framework: portable-net45+win+wpa81+wp80+monoandroid10+xamarinios10+monotouch10
    Octokit (0.24)
      Microsoft.Net.Http  - framework: net10, net11, net20, net30, net35, net40, net40-full
    PCLCrypto (1.0.2.15130) - framework: portable-net45+win+wpa81+wp80+monoandroid10+xamarinios10+monotouch10
      Mono.Security (>= 3.2.3 < 4.0) - framework: >= net40
      Validation (>= 2.0.6 < 3.0)
    PCLStorage (1.0.2) - framework: portable-net45+win+wpa81+wp80+monoandroid10+xamarinios10+monotouch10
      Microsoft.Bcl (>= 1.1.6) - framework: net10, net11, net20, net30, net35, net40, net40-full
      Microsoft.Bcl.Async (>= 1.0.165) - framework: net10, net11, net20, net30, net35, net40, net40-full
    SharpZipLib (0.86)
    SourceLink.Fake (1.1)
    Validation (2.0.6.15003) - framework: portable-net45+win+wpa81+wp80+monoandroid10+xamarinios10+monotouch10
    xunit.runner.console (2.0)
GITHUB
  remote: fsharp/FAKE
    modules/Octokit/Octokit.fsx (5df6bb2d94cbe28a476fd23e79e411dca6678c4c)
      Octokit (>= 0.20)